GEM
  remote: https://rubygems.org/
  specs:
    json (2.1.0)
    rake (13.0.0)

PLATFORMS
  ruby

DEPENDENCIES
  json
  rake

BUNDLED WITH
   2.1.0
