GEM
  remote: http://rubygems.org/
  specs:
    backports (2.6.1)
    bcrypt-ruby (3.0.1)
    bcrypt-ruby (3.0.1-java)
    diff-lcs (1.1.3)
    eventmachine (0.12.10)
    eventmachine (0.12.10-java)
    jdbc-mysql (5.1.13)
    json (1.5.0)
    json (1.5.0-java)
    json-jruby (1.5.0-java)
      json (= 1.5.0)
    rack (1.4.1)
    rack-protection (1.2.0)
      rack
    rack-session-sequel (0.0.1)
      rack
      sequel
    rack-test (0.6.1)
      rack (>= 1.0)
    rspec (2.10.0)
      rspec-core (~> 2.10.0)
      rspec-expectations (~> 2.10.0)
      rspec-mocks (~> 2.10.0)
    rspec-core (2.10.1)
    rspec-expectations (2.10.0)
      diff-lcs (~> 1.1.3)
    rspec-mocks (2.10.1)
    sequel (3.37.0)
    sinatra (1.3.2)
      rack (~> 1.3, >= 1.3.6)
      rack-protection (~> 1.2)
      tilt (~> 1.3, >= 1.3.3)
    sinatra-contrib (1.3.1)
      backports (>= 2.0)
      eventmachine
      rack-protection
      rack-test
      sinatra (~> 1.3.0)
      tilt (~> 1.3)
    sinatra-reloader (1.0)
      sinatra-contrib
    tilt (1.3.3)

PLATFORMS
  java

DEPENDENCIES
  bcrypt-ruby (= 3.0.1)
  jdbc-mysql (= 5.1.13)
  json-jruby (= 1.5.0)
  rack-session-sequel (= 0.0.1)
  rspec (= 2.10.0)
  sinatra (= 1.3.2)
  sinatra-reloader (= 1.0)
