GEM
  remote: http://rubygems.org/
  specs:
    activesupport (4.1.1)
      i18n (~> 0.6, >= 0.6.9)
      json (~> 1.7, >= 1.7.7)
      minitest (~> 5.1)
      thread_safe (~> 0.1)
      tzinfo (~> 1.1)
    atomic (1.0.1-java)
    axlsx (2.0.1)
      htmlentities (~> 4.3.1)
      nokogiri (>= 1.4.1)
      rubyzip (~> 1.0.0)
    backports (3.6.0)
    bcrypt (3.1.7-java)
    bcrypt-ruby (3.1.5-java)
      bcrypt (>= 3.1.3)
    diff-lcs (1.1.3)
    factory_girl (4.1.0)
      activesupport (>= 3.0.0)
    flying_saucer (0.8.0-java)
    htmlentities (4.3.1)
    i18n (0.6.9)
    jdbc-derby (10.6.2.1-java)
    jdbc-mysql (5.1.13)
    jruby-jars (1.7.11)
    jruby-rack (1.1.14)
    json (1.8.0-java)
    json-schema (1.0.12)
    ladle (0.2.0-java)
    minitest (5.3.3)
    multi_json (1.10.0)
    multipart-post (2.0.0)
    net-http-persistent (2.9.4)
    net-ldap (0.6.1)
    nokogiri (1.6.2-java)
    puma (2.8.2-java)
      rack (>= 1.1, < 2.0)
    rack (1.5.2)
    rack-protection (1.5.3)
      rack
    rack-session-sequel (0.0.1)
      rack
      sequel
    rack-test (0.6.2)
      rack (>= 1.0)
    rake (10.3.1)
    rjack-jackson (2.2.3.0-java)
    rspec (2.12.0)
      rspec-core (~> 2.12.0)
      rspec-expectations (~> 2.12.0)
      rspec-mocks (~> 2.12.0)
    rspec-core (2.12.2)
    rspec-expectations (2.12.1)
      diff-lcs (~> 1.1.3)
    rspec-mocks (2.12.2)
    rubyzip (1.0.0)
    rufus-lru (1.0.5)
    rufus-scheduler (2.0.24)
      tzinfo (>= 0.3.22)
    saxerator (0.9.3)
      nokogiri (>= 1.4.0)
    sequel (3.41.0)
    simplecov (0.7.1)
      multi_json (~> 1.0)
      simplecov-html (~> 0.7.1)
    simplecov-html (0.7.1)
    sinatra (1.4.5)
      rack (~> 1.4)
      rack-protection (~> 1.4)
      tilt (~> 1.3, >= 1.3.4)
    sinatra-contrib (1.4.2)
      backports (>= 2.0)
      multi_json
      rack-protection
      rack-test
      sinatra (~> 1.4.0)
      tilt (~> 1.3)
    sinatra-reloader (1.0)
      sinatra-contrib
    thread_safe (0.3.3-java)
    tilt (1.4.1)
    tzinfo (1.1.0)
      thread_safe (~> 0.1)
    warbler (1.4.2)
      jruby-jars (>= 1.5.6, < 2.0)
      jruby-rack (>= 1.0.0)
      rake (>= 0.9.6)
      rubyzip (>= 0.9, < 1.1)
    zip-zip (0.3)
      rubyzip (>= 1.0.0)

PLATFORMS
  java

DEPENDENCIES
  atomic (= 1.0.1)
  axlsx
  bcrypt-ruby
  factory_girl (~> 4.1.0)
  flying_saucer
  jdbc-derby (= 10.6.2.1)
  jdbc-mysql (= 5.1.13)
  jruby-jars (= 1.7.11)
  json (= 1.8.0)
  json-schema (~> 1.0.10)
  ladle
  multipart-post
  net-http-persistent
  net-ldap
  nokogiri (~> 1.6.1)
  puma
  rack-session-sequel
  rjack-jackson
  rspec (= 2.12.0)
  rubyzip (= 1.0.0)
  rufus-lru
  rufus-scheduler (~> 2.0.24)
  saxerator (~> 0.9.2)
  sequel (~> 3.41.0)
  simplecov (= 0.7.1)
  sinatra
  sinatra-reloader
  warbler
  zip-zip
