GEM
  remote: http://rubygems.org/
  specs:
    addressable (2.3.1)
    childprocess (0.3.4)
      ffi (~> 1.0, >= 1.0.6)
    ffi (1.1.0-java)
    libwebsocket (0.1.4)
      addressable
    multi_json (1.3.6)
    rubyzip (0.9.9)
    selenium-webdriver (2.25.0)
      childprocess (>= 0.2.5)
      libwebsocket (~> 0.1.3)
      multi_json (~> 1.0)
      rubyzip

PLATFORMS
  java

DEPENDENCIES
  selenium-webdriver
